PATH
  remote: .
  specs:
    et (0.5.2)
      gli (= 2.11.0)
      multipart-post (~> 2.0)
      rspec (~> 3.0)
      rspec-mocks (~> 3.0)

GEM
  remote: https://rubygems.org/
  specs:
    diff-lcs (1.2.5)
    gli (2.11.0)
    multipart-post (2.0.0)
    rake (10.3.2)
    rspec (3.2.0)
      rspec-core (~> 3.2.0)
      rspec-expectations (~> 3.2.0)
      rspec-mocks (~> 3.2.0)
    rspec-core (3.2.0)
      rspec-support (~> 3.2.0)
    rspec-expectations (3.2.0)
      diff-lcs (>= 1.2.0, < 2.0)
      rspec-support (~> 3.2.0)
    rspec-mocks (3.2.0)
      diff-lcs (>= 1.2.0, < 2.0)
      rspec-support (~> 3.2.0)
    rspec-support (3.2.1)

PLATFORMS
  ruby

DEPENDENCIES
  et!
  rake (~> 10)
