PATH
  remote: .
  specs:
    et (0.0.1)
      gli (= 2.11.0)

GEM
  remote: https://rubygems.org/
  specs:
    gli (2.11.0)
    rake (10.3.2)

PLATFORMS
  ruby

DEPENDENCIES
  et!
  rake (~> 10.3)
