PATH
  remote: .
  specs:
    et (0.5.1)
      gli (= 2.11.0)
      rest-client (~> 1.7)
      rspec (~> 3.0)
      rspec-mocks (~> 3.0)

GEM
  remote: https://rubygems.org/
  specs:
    diff-lcs (1.2.5)
    gli (2.11.0)
    mime-types (2.4.3)
    netrc (0.10.2)
    rake (10.3.2)
    rest-client (1.7.2)
      mime-types (>= 1.16, < 3.0)
      netrc (~> 0.7)
    rspec (3.1.0)
      rspec-core (~> 3.1.0)
      rspec-expectations (~> 3.1.0)
      rspec-mocks (~> 3.1.0)
    rspec-core (3.1.7)
      rspec-support (~> 3.1.0)
    rspec-expectations (3.1.2)
      diff-lcs (>= 1.2.0, < 2.0)
      rspec-support (~> 3.1.0)
    rspec-mocks (3.1.3)
      rspec-support (~> 3.1.0)
    rspec-support (3.1.2)

PLATFORMS
  ruby

DEPENDENCIES
  et!
  rake (~> 10)
