PATH
  remote: .
  specs:
    extraterrestrial (0.0.1)
      gli (= 2.11.0)

GEM
  remote: https://rubygems.org/
  specs:
    gli (2.11.0)
    json (1.8.1)
    rake (10.3.2)
    rdoc (4.1.1)
      json (~> 1.4)

PLATFORMS
  ruby

DEPENDENCIES
  extraterrestrial!
  rake (~> 10.3)
  rdoc (~> 4.1)
